PATH
  remote: .
  specs:
    space_exploration (0.1.0)
      colorize (~> 0.8.1)
      require_all

GEM
  remote: https://rubygems.org/
  specs:
    coderay (1.1.3)
    colorize (0.8.1)
    diff-lcs (1.5.0)
    json (2.6.2)
    lolize (0.0.3)
      paint (~> 0.8.3)
    method_source (1.0.0)
    paint (0.8.7)
    pry (0.14.1)
      coderay (~> 1.1)
      method_source (~> 1.0)
    rake (12.3.3)
    require_all (3.0.0)
    rspec (3.11.0)
      rspec-core (~> 3.11.0)
      rspec-expectations (~> 3.11.0)
      rspec-mocks (~> 3.11.0)
    rspec-core (3.11.0)
      rspec-support (~> 3.11.0)
    rspec-expectations (3.11.1)
      diff-lcs (>= 1.2.0, < 2.0)
      rspec-support (~> 3.11.0)
    rspec-mocks (3.11.1)
      diff-lcs (>= 1.2.0, < 2.0)
      rspec-support (~> 3.11.0)
    rspec-support (3.11.1)

PLATFORMS
  ruby

DEPENDENCIES
  bundler
  json
  lolize
  pry
  rake (~> 12.0)
  require_all
  rspec (~> 3.0)
  space_exploration!

BUNDLED WITH
   1.17.2
